PATH
  remote: vendor/gems/oauth-plugin-0.4.0.pre4
  specs:
    oauth-plugin (0.4.0.pre4)
      oauth (>= 0.4.4)

GEM
  remote: http://rubygems.org/
  specs:
    aasm (2.2.0)
    actionmailer (2.3.11)
      actionpack (= 2.3.11)
    actionpack (2.3.11)
      activesupport (= 2.3.11)
      rack (~> 1.1.0)
    activerecord (2.3.11)
      activesupport (= 2.3.11)
    activeresource (2.3.11)
      activesupport (= 2.3.11)
    activesupport (2.3.11)
    authlogic (2.1.6)
      activesupport
    authlogic-oid (1.0.4)
      authlogic
    awesome_print (0.4.0)
    aws-s3 (0.6.2)
      builder
      mime-types
      xml-simple
    builder (3.0.0)
    cancan (1.5.1)
    chronic (0.3.0)
    configuration (1.2.0)
    cucumber (0.10.2)
      builder (>= 2.1.2)
      diff-lcs (>= 1.1.2)
      gherkin (>= 2.3.5)
      json (>= 1.4.6)
      term-ansicolor (>= 1.0.5)
    cucumber-rails (0.4.1)
      cucumber (>= 0.10.1)
      nokogiri (>= 1.4.4)
      rack-test (>= 0.5.7)
    dalli (1.0.4)
    diff-lcs (1.1.2)
    eventmachine (0.12.10)
    feed-normalizer (1.5.2)
      hpricot (>= 0.6)
      simple-rss (>= 1.1)
    gherkin (2.3.7)
      json (>= 1.4.6)
    heroku (2.1.4)
      launchy (>= 0.3.2)
      rest-client (~> 1.6.1)
      term-ansicolor (~> 1.0.5)
    hpricot (0.8.4)
    json (1.5.1)
    launchy (0.4.0)
      configuration (>= 0.0.5)
      rake (>= 0.8.1)
    mime-types (1.16)
    nokogiri (1.4.4)
    oauth (0.4.4)
    pg (0.11.0)
    rack (1.1.2)
    rack-openid (1.3.1)
      rack (>= 1.1.0)
      ruby-openid (>= 2.1.8)
    rack-test (0.6.0)
      rack (>= 1.0)
    rails (2.3.11)
      actionmailer (= 2.3.11)
      actionpack (= 2.3.11)
      activerecord (= 2.3.11)
      activeresource (= 2.3.11)
      activesupport (= 2.3.11)
      rake (>= 0.8.3)
    rake (0.8.7)
    rest-client (1.6.1)
      mime-types (>= 1.16)
    rmagick (2.13.1)
    rspec (2.6.0)
      rspec-core (~> 2.6.0)
      rspec-expectations (~> 2.6.0)
      rspec-mocks (~> 2.6.0)
    rspec-core (2.6.0)
    rspec-expectations (2.6.0)
      diff-lcs (~> 1.1.2)
    rspec-mocks (2.6.0)
    rspec-rails (1.3.2)
      rack (>= 1.0.0)
      rspec (>= 1.3.0)
    ruby-openid (2.1.8)
    simple-rss (1.2.3)
    term-ansicolor (1.0.5)
    texticle (1.0.4.20101004123327)
    webrat (0.7.3)
      nokogiri (>= 1.2.0)
      rack (>= 1.0)
      rack-test (>= 0.5.3)
    xml-simple (1.0.15)

PLATFORMS
  ruby

DEPENDENCIES
  aasm
  authlogic
  authlogic-oid
  awesome_print
  aws-s3
  cancan (= 1.5.1)
  chronic
  cucumber
  cucumber-rails
  dalli
  eventmachine
  feed-normalizer
  heroku
  json
  oauth
  oauth-plugin!
  pg
  rack-openid
  rails (= 2.3.11)
  rmagick
  rspec-rails (= 1.3.2)
  ruby-openid
  texticle
  webrat
